GEM
  remote: http://rubygems.org/
  specs:
    activesupport (3.0.6)
    bcrypt-ruby (2.1.4)
    bcrypt-ruby (2.1.4-x86-mingw32)
    bourne (1.0)
      mocha (= 0.9.8)
    bson (1.3.0)
    bson_ext (1.3.0)
    builder (3.0.0)
    capybara (0.4.1.2)
      celerity (>= 0.7.9)
      culerity (>= 0.2.4)
      mime-types (>= 1.16)
      nokogiri (>= 1.3.3)
      rack (>= 1.0.0)
      rack-test (>= 0.5.4)
      selenium-webdriver (>= 0.0.27)
      xpath (~> 0.1.3)
    celerity (0.8.9)
    childprocess (0.1.8)
      ffi (~> 1.0.6)
    cucumber (0.10.2)
      builder (>= 2.1.2)
      diff-lcs (>= 1.1.2)
      gherkin (>= 2.3.5)
      json (>= 1.4.6)
      term-ansicolor (>= 1.0.5)
    culerity (0.2.15)
    diff-lcs (1.1.2)
    ffi (1.0.7)
      rake (>= 0.8.7)
    ffi (1.0.7-x86-mingw32)
      rake (>= 0.8.7)
    gherkin (2.3.5)
      json (>= 1.4.6)
    gherkin (2.3.5-x86-mingw32)
      json (>= 1.4.6)
    haml (3.0.25)
    i18n (0.5.0)
    jnunemaker-validatable (1.8.4)
      activesupport (>= 2.3.4)
    json (1.5.1)
    json (1.5.1-x86-mingw32)
    json_pure (1.5.1)
    mime-types (1.16)
    mocha (0.9.8)
      rake
    mongo (1.3.0)
      bson (>= 1.3.0)
    mongo_mapper (0.8.6)
      activesupport (>= 2.3.4)
      jnunemaker-validatable (~> 1.8.4)
      plucky (~> 0.3.6)
    nokogiri (1.4.4)
    nokogiri (1.4.4-x86-mingw32)
    plucky (0.3.7)
      mongo (~> 1.1)
    rack (1.2.2)
    rack-test (0.5.7)
      rack (>= 1.0)
    rake (0.8.7)
    rspec (2.5.0)
      rspec-core (~> 2.5.0)
      rspec-expectations (~> 2.5.0)
      rspec-mocks (~> 2.5.0)
    rspec-core (2.5.1)
    rspec-expectations (2.5.0)
      diff-lcs (~> 1.1.2)
    rspec-mocks (2.5.0)
    rubyzip (0.9.4)
    selenium-webdriver (0.1.4)
      childprocess (>= 0.1.7)
      ffi (>= 1.0.7)
      json_pure
      rubyzip
    sinatra (1.2.0)
      rack (~> 1.1)
      tilt (< 2.0, >= 1.2.2)
    term-ansicolor (1.0.5)
    tilt (1.2.2)
    xpath (0.1.3)
      nokogiri (~> 1.3)

PLATFORMS
  ruby
  x86-mingw32

DEPENDENCIES
  bcrypt-ruby
  bourne (= 1.0)
  bson_ext
  capybara (= 0.4.1.2)
  cucumber (= 0.10.2)
  haml (= 3.0.25)
  i18n
  mocha (= 0.9.8)
  mongo
  mongo_mapper
  rack-test (= 0.5.7)
  rspec (= 2.5.0)
  sinatra (= 1.2.0)
